GEM
  remote: https://rubygems.org/
  specs:
    addressable (2.8.7)
      public_suffix (>= 2.0.2, < 7.0)
    bigdecimal (3.1.8)
    crack (1.0.0)
      bigdecimal
      rexml
    hashdiff (1.1.1)
    public_suffix (6.0.1)
    rexml (3.3.6)
      strscan
    strscan (3.1.0)
    webmock (3.23.1)
      addressable (>= 2.8.0)
      crack (>= 0.3.2)
      hashdiff (>= 0.4.0, < 2.0.0)

PLATFORMS
  arm64-darwin-23
  ruby

DEPENDENCIES
  webmock (~> 3.23)

RUBY VERSION
   ruby 3.3.1p55

BUNDLED WITH
   2.5.14
